GEM
  remote: https://rubygems.org/
  specs:
    clipboard (1.1.1)
    jwt (1.5.2)

PLATFORMS
  ruby

DEPENDENCIES
  clipboard
  ffi
  jwt

RUBY VERSION
   ruby 2.3.5p376

BUNDLED WITH
   1.16.0
